GEM
  remote: http://rubygems.org/
  specs:
    kramdown (1.0.2)
    logutils (0.6.0)
    props (1.0.0)
    rack (1.5.2)
    rack-protection (1.5.0)
      rack
    redcarpet (2.3.0)
    sinatra (1.4.2)
      rack (~> 1.5, >= 1.5.2)
      rack-protection (~> 1.4)
      tilt (~> 1.3, >= 1.3.4)
    textutils (0.6.4)
      logutils (~> 0.5)
    tilt (1.4.1)

PLATFORMS
  ruby

DEPENDENCIES
  kramdown
  props
  redcarpet
  sinatra
  textutils
