GEM
  remote: http://rubygems.org/
  specs:
    kramdown (2.3.0)
      rexml
    kramdown-service (0.3.0)
      kramdown
      rouge
      sinatra
    rack (1.6.4)
    rack-protection (1.5.3)
      rack
    rexml (3.2.4)
    rouge (1.10.1)
    sinatra (1.4.7)
      rack (~> 1.5)
      rack-protection (~> 1.4)
      tilt (>= 1.3, < 3)
    tilt (2.0.2)

PLATFORMS
  ruby
  x86-mingw32

DEPENDENCIES
  kramdown
  kramdown-service
  rouge
  sinatra
